GEM
  remote: https://rubygems.org/
  specs:
    apetag (1.1.5)
      cicphash (>= 1.0.0)
    cicphash (1.1.0)
    flacinfo-rb (1.0)
    moumar-wmainfo-rb (0.8)
    mp4info (1.7.3)
    ruby-audioinfo (0.5.5)
      apetag (>= 1.1.4)
      flacinfo-rb (>= 0.4)
      moumar-wmainfo-rb (>= 0.7)
      mp4info (>= 1.7.3)
      ruby-mp3info (>= 0.8)
      ruby-ogginfo (>= 0.6.13)
      wavefile (~> 0.6.0)
    ruby-mp3info (0.8.10)
    ruby-ogginfo (0.7.2)
    wavefile (0.6.0)

PLATFORMS
  x64-mingw32

DEPENDENCIES
  ruby-audioinfo

BUNDLED WITH
   2.2.11
